PATH
  remote: .
  specs:
    build_number (0.1.2)

GEM
  remote: https://rubygems.org/
  specs:
    diff-lcs (1.2.5)
    rake (10.3.2)
    rspec (2.14.1)
      rspec-core (~> 2.14.0)
      rspec-expectations (~> 2.14.0)
      rspec-mocks (~> 2.14.0)
    rspec-core (2.14.8)
    rspec-expectations (2.14.5)
      diff-lcs (>= 1.1.3, < 2.0)
    rspec-mocks (2.14.6)
    semver2 (3.3.3)

PLATFORMS
  x86-mingw32

DEPENDENCIES
  build_number!
  bundler (~> 1.6)
  rake
  rspec
  semver2
